GEM
  remote: http://rubygems.org/
  specs:
    addressable (2.3.2)
    builder (2.1.2)
    capybara (1.1.2)
      mime-types (>= 1.16)
      nokogiri (>= 1.3.3)
      rack (>= 1.0.0)
      rack-test (>= 0.5.4)
      selenium-webdriver (~> 2.0)
      xpath (~> 0.1.4)
    childprocess (0.3.5)
      ffi (~> 1.0, >= 1.0.6)
    coderay (1.0.7)
    cucumber (1.2.1)
      builder (>= 2.1.2)
      diff-lcs (>= 1.1.3)
      gherkin (~> 2.11.0)
      json (>= 1.4.6)
    database_cleaner (0.8.0)
    diff-lcs (1.1.3)
    ffi (1.1.5)
    gherkin (2.11.2)
      json (>= 1.4.6)
    httparty (0.8.3)
      multi_json (~> 1.0)
      multi_xml
    json (1.7.5)
    json_spec (1.0.3)
      multi_json (~> 1.0)
      rspec (~> 2.0)
    launchy (2.1.2)
      addressable (~> 2.3)
    libwebsocket (0.1.5)
      addressable
    method_source (0.8)
    mime-types (1.19)
    multi_json (1.3.6)
    multi_xml (0.5.1)
    nokogiri (1.5.5)
    pry (0.9.10)
      coderay (~> 1.0.5)
      method_source (~> 0.8)
      slop (~> 3.3.1)
    rack (1.4.1)
    rack-test (0.6.1)
      rack (>= 1.0)
    rspec (2.11.0)
      rspec-core (~> 2.11.0)
      rspec-expectations (~> 2.11.0)
      rspec-mocks (~> 2.11.0)
    rspec-core (2.11.1)
    rspec-expectations (2.11.3)
      diff-lcs (~> 1.1.3)
    rspec-mocks (2.11.2)
    rubyzip (0.9.9)
    selenium-webdriver (2.25.0)
      childprocess (>= 0.2.5)
      libwebsocket (~> 0.1.3)
      multi_json (~> 1.0)
      rubyzip
    site_prism (1.3)
      capybara (>= 1.1.1)
      rspec (>= 2.0.0)
    slop (3.3.3)
    spork (0.9.2)
    xpath (0.1.4)
      nokogiri (~> 1.3)

PLATFORMS
  ruby

DEPENDENCIES
  builder (~> 2.1.2)
  capybara
  cucumber
  database_cleaner
  httparty
  json_spec
  launchy
  pry
  site_prism
  spork
