GEM
  remote: http://rubygems.org/
  specs:
    addressable (2.3.2)
    builder (3.1.4)
    capybara (2.0.2)
      mime-types (>= 1.16)
      nokogiri (>= 1.3.3)
      rack (>= 1.0.0)
      rack-test (>= 0.5.4)
      selenium-webdriver (~> 2.0)
      xpath (~> 1.0.0)
    capybara-webkit (0.14.1)
      capybara (~> 2.0, >= 2.0.2)
      json
    childprocess (0.3.6)
      ffi (~> 1.0, >= 1.0.6)
    coderay (1.0.8)
    cucumber (1.2.1)
      builder (>= 2.1.2)
      diff-lcs (>= 1.1.3)
      gherkin (~> 2.11.0)
      json (>= 1.4.6)
    database_cleaner (0.9.1)
    diff-lcs (1.1.3)
    ffi (1.3.1)
    gherkin (2.11.5)
      json (>= 1.4.6)
    headless (0.3.1)
    httparty (0.10.0)
      multi_json (~> 1.0)
      multi_xml
    json (1.7.6)
    json_spec (1.1.0)
      multi_json (~> 1.0)
      rspec (~> 2.0)
    launchy (2.1.2)
      addressable (~> 2.3)
    method_source (0.8.1)
    mime-types (1.19)
    multi_json (1.5.0)
    multi_xml (0.5.2)
    nokogiri (1.5.6)
    pry (0.9.11.4)
      coderay (~> 1.0.5)
      method_source (~> 0.8)
      slop (~> 3.4)
    rack (1.5.0)
    rack-test (0.6.2)
      rack (>= 1.0)
    random-word (1.3.0)
    rspec (2.12.0)
      rspec-core (~> 2.12.0)
      rspec-expectations (~> 2.12.0)
      rspec-mocks (~> 2.12.0)
    rspec-core (2.12.2)
    rspec-expectations (2.12.1)
      diff-lcs (~> 1.1.3)
    rspec-mocks (2.12.1)
    rubyzip (0.9.9)
    selenium-webdriver (2.29.0)
      childprocess (>= 0.2.5)
      multi_json (~> 1.0)
      rubyzip
      websocket (~> 1.0.4)
    site_prism (2.0)
      capybara (>= 2.0.2, < 3.0)
      rspec (~> 2.0)
    slop (3.4.3)
    spork (0.9.2)
    websocket (1.0.6)
    xpath (1.0.0)
      nokogiri (~> 1.3)

PLATFORMS
  ruby

DEPENDENCIES
  builder
  capybara (~> 2)
  capybara-webkit
  cucumber
  database_cleaner
  headless
  httparty
  json_spec
  launchy
  pry
  random-word
  site_prism
  spork
